PATH
  remote: .
  specs:
    souyuz (0.1.0)
      fastlane_core (>= 0.41.2, < 1.0.0)
      nokogiri (~> 1.6)

GEM
  remote: https://rubygems.org/
  specs:
    babosa (1.0.2)
    colored (1.2)
    commander (4.3.5)
      highline (~> 1.7.2)
    credentials_manager (0.16.0)
      colored
      commander (>= 4.3.5)
      highline (>= 1.7.1)
      security
    diff-lcs (1.2.5)
    excon (0.45.4)
    faraday (0.9.2)
      multipart-post (>= 1.2, < 3)
    fastlane_core (0.43.2)
      babosa
      colored
      commander (= 4.3.5)
      credentials_manager (>= 0.16.0, < 1.0.0)
      excon (~> 0.45.0)
      highline (>= 1.7.2)
      json
      multi_json
      plist (~> 3.1)
      rubyzip (~> 1.1.6)
      sentry-raven (~> 0.15)
      terminal-table (~> 1.4.5)
    highline (1.7.8)
    json (1.8.3)
    mini_portile2 (2.0.0)
    multi_json (1.12.0)
    multipart-post (2.0.0)
    nokogiri (1.6.7.2)
      mini_portile2 (~> 2.0.0.rc2)
    plist (3.2.0)
    rake (11.1.2)
    rspec (3.1.0)
      rspec-core (~> 3.1.0)
      rspec-expectations (~> 3.1.0)
      rspec-mocks (~> 3.1.0)
    rspec-core (3.1.7)
      rspec-support (~> 3.1.0)
    rspec-expectations (3.1.2)
      diff-lcs (>= 1.2.0, < 2.0)
      rspec-support (~> 3.1.0)
    rspec-mocks (3.1.3)
      rspec-support (~> 3.1.0)
    rspec-support (3.1.2)
    rubyzip (1.1.7)
    security (0.1.3)
    sentry-raven (0.15.6)
      faraday (>= 0.7.6)
    terminal-table (1.4.5)

PLATFORMS
  ruby

DEPENDENCIES
  bundler
  rake
  rspec (~> 3.1.0)
  souyuz!

BUNDLED WITH
   1.12.3
