PATH
  remote: .
  specs:
    souyuz (0.6.4)
      highline (~> 1.7)
      nokogiri (~> 1.7)

GEM
  remote: https://rubygems.org/
  specs:
    highline (1.7.8)
    magic_encoding (0.0.2)
    mini_portile2 (2.1.0)
    nokogiri (1.7.0.1)
      mini_portile2 (~> 2.1.0)
    rake (12.0.0)

PLATFORMS
  ruby

DEPENDENCIES
  bundler
  magic_encoding
  rake
  souyuz!

BUNDLED WITH
   1.14.5
